GEM
  remote: http://rubygems.org/
  specs:
    addressable (2.2.6)
    builder (3.0.0)
    ci_reporter (1.6.4)
      builder (>= 2.1.2)
    cucumber (0.10.6)
      builder (>= 2.1.2)
      diff-lcs (>= 1.1.2)
      gherkin (~> 2.4.0)
      json (>= 1.4.6)
      term-ansicolor (>= 1.0.5)
    diff-lcs (1.1.2)
    gherkin (2.4.0-java)
      json (>= 1.4.6)
    growl (1.0.3)
    guard (0.6.2)
      thor (~> 0.14.6)
    guard-cucumber (0.6.1)
      cucumber (>= 0.10)
      guard (>= 0.4.0)
    guard-rspec (0.4.2)
      guard (>= 0.4.0)
    jruby-jars (1.6.2)
    jruby-rack (1.0.9)
    json (1.5.1-java)
    kramdown (0.13.3)
    nokogiri (1.4.4.2-java)
      weakling (>= 0.0.3)
    rack (1.3.0)
    rack-test (0.6.0)
      rack (>= 1.0)
    rake (0.8.7)
    rb-fsevent (0.4.3.1)
    rcov (0.9.9-java)
    rspec (2.6.0)
      rspec-core (~> 2.6.0)
      rspec-expectations (~> 2.6.0)
      rspec-mocks (~> 2.6.0)
    rspec-core (2.6.4)
    rspec-expectations (2.6.0)
      diff-lcs (~> 1.1.2)
    rspec-mocks (2.6.0)
    rubyzip (0.9.4)
    sinatra (1.2.6)
      rack (~> 1.1)
      tilt (>= 1.2.2, < 2.0)
    spork (0.9.0.rc9)
    term-ansicolor (1.0.5)
    thor (0.14.6)
    tilt (1.3.2)
    warbler (1.3.1)
      jruby-jars (>= 1.4.0)
      jruby-rack (>= 1.0.0)
      rake (~> 0.8.7)
      rubyzip (>= 0.9.4)
    weakling (0.0.4-java)
    webrat (0.7.3)
      nokogiri (>= 1.2.0)
      rack (>= 1.0)
      rack-test (>= 0.5.3)
    yard (0.7.1)

PLATFORMS
  java

DEPENDENCIES
  addressable (~> 2.2.5)
  ci_reporter
  cucumber
  growl
  guard
  guard-cucumber
  guard-rspec
  json
  kramdown
  nokogiri
  rack-test
  rake
  rb-fsevent
  rcov
  rspec
  sinatra (~> 1.2.6)
  spork (~> 0.9.0rc)
  warbler (~> 1.3.0)
  webrat
  yard
