GEM
  remote: http://rubygems.org/
  specs:
    addressable (2.2.6)
    builder (3.0.0)
    ci_reporter (1.6.5)
      builder (>= 2.1.2)
    cucumber (1.0.2)
      builder (>= 2.1.2)
      diff-lcs (>= 1.1.2)
      gherkin (~> 2.4.5)
      json (>= 1.4.6)
      term-ansicolor (>= 1.0.5)
    diff-lcs (1.1.2)
    gherkin (2.4.11)
      json (>= 1.4.6)
    growl (1.0.3)
    guard (0.6.2)
      thor (~> 0.14.6)
    guard-cucumber (0.6.1)
      cucumber (>= 0.10)
      guard (>= 0.4.0)
    guard-rspec (0.4.2)
      guard (>= 0.4.0)
    haml (3.1.2)
    json (1.5.3)
    kramdown (0.13.3)
    nokogiri (1.5.0)
    rack (1.3.2)
    rack-test (0.6.1)
      rack (>= 1.0)
    rake (0.9.2)
    rb-fsevent (0.4.3.1)
    rcov (0.9.10)
    rspec (2.6.0)
      rspec-core (~> 2.6.0)
      rspec-expectations (~> 2.6.0)
      rspec-mocks (~> 2.6.0)
    rspec-core (2.6.4)
    rspec-expectations (2.6.0)
      diff-lcs (~> 1.1.2)
    rspec-mocks (2.6.0)
    sinatra (1.2.6)
      rack (~> 1.1)
      tilt (< 2.0, >= 1.2.2)
    spork (0.9.0.rc9)
    term-ansicolor (1.0.6)
    thor (0.14.6)
    tilt (1.3.2)
    webrat (0.7.3)
      nokogiri (>= 1.2.0)
      rack (>= 1.0)
      rack-test (>= 0.5.3)
    yard (0.7.2)

PLATFORMS
  ruby

DEPENDENCIES
  addressable (~> 2.2.5)
  ci_reporter
  cucumber
  growl
  guard
  guard-cucumber
  guard-rspec
  haml
  json
  kramdown
  nokogiri
  rack-test
  rake
  rb-fsevent
  rcov
  rspec
  sinatra (~> 1.2.6)
  spork (~> 0.9.0rc)
  webrat
  yard
